GEM
  remote: http://rubygems.org/
  specs:
    coderay (0.9.8)
    git (1.2.5)
    jeweler (1.6.4)
      bundler (~> 1.0)
      git (>= 1.2.5)
      rake
    method_source (0.6.5)
      ruby_parser (>= 2.0.5)
    pry (0.9.5)
      coderay (>= 0.9.8)
      method_source (>= 0.6.5)
      ruby_parser (>= 2.0.5)
      slop (~> 2.1.0)
    rake (13.0.1)
    rake-compiler (0.7.6)
      rake
    rcov (0.9.10)
    ruby_parser (2.3.0)
      sexp_processor (~> 3.0)
    sexp_processor (3.0.6)
    shoulda (2.11.3)
    slop (2.1.0)

PLATFORMS
  ruby

DEPENDENCIES
  bundler (~> 1.0.18)
  jeweler (~> 1.6.4)
  pry
  rake-compiler (~> 0.7.6)
  rcov
  shoulda
